PATH
  remote: .
  specs:
    food (0.0.1)
      fatsecret
      gli (= 2.5.6)
      netrc

GEM
  remote: https://rubygems.org/
  specs:
    aruba (0.5.3)
      childprocess (>= 0.3.6)
      cucumber (>= 1.1.1)
      rspec-expectations (>= 2.7.0)
    builder (3.2.2)
    childprocess (0.3.9)
      ffi (~> 1.0, >= 1.0.11)
    cucumber (1.3.8)
      builder (>= 2.1.2)
      diff-lcs (>= 1.1.3)
      gherkin (~> 2.12.1)
      multi_json (>= 1.7.5, < 2.0)
      multi_test (>= 0.0.2)
    diff-lcs (1.2.4)
    fatsecret (0.0.3)
      rest-client
      ruby-hmac
      uuid
    ffi (1.9.0)
    gherkin (2.12.2)
      multi_json (~> 1.3)
    gli (2.5.6)
    json (1.8.1)
    macaddr (1.6.1)
      systemu (~> 2.5.0)
    mime-types (1.25)
    multi_json (1.8.2)
    multi_test (0.0.2)
    netrc (0.7.7)
    rake (10.1.0)
    rdoc (4.0.1)
      json (~> 1.4)
    rest-client (1.6.7)
      mime-types (>= 1.16)
    rspec-expectations (2.14.3)
      diff-lcs (>= 1.1.3, < 2.0)
    ruby-hmac (0.4.0)
    systemu (2.5.2)
    uuid (2.3.7)
      macaddr (~> 1.0)

PLATFORMS
  ruby

DEPENDENCIES
  aruba
  food!
  rake
  rdoc
